GEM
  remote: http://rubygems.org/
  specs:
    activemodel (4.2.11.1)
      activesupport (= 4.2.11.1)
      builder (~> 3.1)
    activerecord (4.2.11.1)
      activemodel (= 4.2.11.1)
      activesupport (= 4.2.11.1)
      arel (~> 6.0)
    activesupport (4.2.11.1)
      i18n (~> 0.7)
      minitest (~> 5.1)
      thread_safe (~> 0.3, >= 0.3.4)
      tzinfo (~> 1.1)
    addressable (2.7.0)
      public_suffix (>= 2.0.2, < 5.0)
    alphavantagerb (1.3.2)
      httparty (~> 0.15.6, >= 0.15.6)
      humanize (~> 1.7.0, >= 1.7.0)
    arel (6.0.4)
    bcrypt (3.1.13)
    bond (0.5.1)
    builder (3.2.4)
    capybara (3.32.1)
      addressable
      mini_mime (>= 0.1.3)
      nokogiri (~> 1.8)
      rack (>= 1.6.0)
      rack-test (>= 0.6.3)
      regexp_parser (~> 1.5)
      xpath (~> 3.2)
    chartkick (3.3.1)
    coderay (1.1.2)
    concurrent-ruby (1.1.6)
    database_cleaner (1.8.4)
    database_cleaner-active_record (1.8.0)
      activerecord
      database_cleaner (~> 1.8.0)
    database_cleaner-redis (1.8.0)
      database_cleaner (~> 1.8.0)
      redis
    diff-lcs (1.3)
    email_validator (2.0.1)
      activemodel
    faraday (1.0.1)
      multipart-post (>= 1.2, < 3)
    faraday_middleware (1.0.0)
      faraday (~> 1.0)
    git (1.6.0)
      rchardet (~> 1.8)
    hashie (4.1.0)
    httparty (0.15.7)
      multi_xml (>= 0.5.2)
    humanize (1.7.0)
    i18n (0.9.5)
      concurrent-ruby (~> 1.0)
    iex-ruby-client (1.1.2)
      faraday (>= 0.9)
      faraday_middleware
      hashie
      money_helper
    json (2.3.0)
    method_source (0.9.2)
    mini_mime (1.0.2)
    mini_portile2 (2.4.0)
    minitest (5.14.0)
    money (6.13.7)
      i18n (>= 0.6.4, <= 2)
    money_helper (1.0.2)
      activesupport
      money (~> 6.5)
    multi_xml (0.6.0)
    multipart-post (2.1.1)
    mustermann (2.0.2)
      ruby2_keywords (~> 0.0.1)
    nokogiri (1.10.9)
      mini_portile2 (~> 2.4.0)
    pry (0.12.2)
      coderay (~> 1.1.0)
      method_source (~> 0.9.0)
    pry-nav (0.3.0)
      pry (>= 0.9.10, < 0.13.0)
    public_suffix (4.0.4)
    rack (2.2.4)
    rack-cache (1.11.1)
      rack (>= 0.4)
    rack-protection (2.2.3)
      rack
    rack-test (1.1.0)
      rack (>= 1.0, < 3)
    rake (11.3.0)
    rchardet (1.8.0)
    redis (4.1.3)
    regexp_parser (1.7.0)
    require_all (3.0.0)
    ripl (0.7.1)
      bond (~> 0.5.1)
    ripl-multi_line (0.3.1)
      ripl (>= 0.3.6)
    ripl-rack (0.2.0)
      rack (>= 1.0)
      rack-test (>= 0.5)
      ripl (>= 0.3.5)
    rspec (3.9.0)
      rspec-core (~> 3.9.0)
      rspec-expectations (~> 3.9.0)
      rspec-mocks (~> 3.9.0)
    rspec-core (3.9.1)
      rspec-support (~> 3.9.1)
    rspec-expectations (3.9.1)
      diff-lcs (>= 1.2.0, < 2.0)
      rspec-support (~> 3.9.0)
    rspec-mocks (3.9.1)
      diff-lcs (>= 1.2.0, < 2.0)
      rspec-support (~> 3.9.0)
    rspec-support (3.9.2)
    ruby2_keywords (0.0.5)
    shotgun (0.9.2)
      rack (>= 1.0)
    sinatra (2.2.3)
      mustermann (~> 2.0)
      rack (~> 2.2)
      rack-protection (= 2.2.3)
      tilt (~> 2.0)
    sinatra-activerecord (2.0.14)
      activerecord (>= 3.2)
      sinatra (>= 1.0)
    sinatra-flash (0.3.0)
      sinatra (>= 1.0.0)
    sqlite3 (1.3.13)
    thread_safe (0.3.6)
    tilt (2.0.11)
    tux (0.3.0)
      ripl (>= 0.3.5)
      ripl-multi_line (>= 0.2.4)
      ripl-rack (>= 0.2.0)
      sinatra (>= 1.2.1)
    tzinfo (1.2.7)
      thread_safe (~> 0.1)
    xpath (3.2.0)
      nokogiri (~> 1.8)
    yard (0.9.24)
    yard-ghpages (0.0.2)
      git (~> 1.3)
      rake (~> 11.1)
      yard (~> 0.8)
    yard-sinatra (1.0.0)
      yard (~> 0.7)

PLATFORMS
  ruby

DEPENDENCIES
  activerecord (~> 4.2, >= 4.2.6)
  alphavantagerb (= 1.3.2)
  bcrypt
  capybara
  chartkick
  database_cleaner
  database_cleaner-active_record
  database_cleaner-redis
  email_validator
  iex-ruby-client
  json
  pry
  pry-nav
  rack-cache
  rack-test
  rake
  require_all
  rspec
  shotgun
  sinatra
  sinatra-activerecord
  sinatra-flash
  sqlite3 (~> 1.3.6)
  tux
  yard-ghpages
  yard-sinatra

BUNDLED WITH
   2.1.4
